NUGET
  remote: https://nuget.org/api/v2
  specs:
    DotLiquid (1.8.0)
    FAKE (3.35.5)
    FSharp.Compiler.Service (1.3.1.0)
    FSharp.Core (3.1.2.1)
    FsPickler (1.2.13)
    Microsoft.AspNet.Razor (3.2.3) - framework: >= net45
    RazorEngine (3.7.0)
      Microsoft.AspNet.Razor (>= 3.0.0) - framework: >= net45
      Microsoft.AspNet.Razor (2.0.30506.0) - framework: >= net40 < net45
    Suave (0.30.0)
      FSharp.Core (>= 3.1.2.1)
      FsPickler (>= 1.2.5)
    Suave.DotLiquid (0.30.0)
      DotLiquid (>= 1.8.0)
      Suave (>= 0.30.0)
    Suave.Razor (0.30.0)
      RazorEngine (>= 3.7.0)
      Suave (>= 0.30.0)
